GEM
  remote: https://rubygems.org/
  specs:
    nio4r (2.7.4)
    puma (6.6.0)
      nio4r (~> 2.0)
    rack (3.1.12)

PLATFORMS
  x64-mingw-ucrt
  x86_64-linux

DEPENDENCIES
  puma (~> 6.6)
  rack (~> 3.1)

BUNDLED WITH
   2.5.22
